GEM
  remote: https://rubygems.org/
  specs:
    aws-eventstream (1.1.0)
    aws-partitions (1.423.0)
    aws-sdk-core (3.112.0)
      aws-eventstream (~> 1, >= 1.0.2)
      aws-partitions (~> 1, >= 1.239.0)
      aws-sigv4 (~> 1.1)
      jmespath (~> 1.0)
    aws-sdk-sns (1.38.0)
      aws-sdk-core (~> 3, >= 3.112.0)
      aws-sigv4 (~> 1.1)
    aws-sdk-sts (1.0.1)
      aws-sdk-core (~> 3, >= 3.110.0)
      aws-sigv4 (~> 1.1)
    aws-sigv4 (1.2.2)
      aws-eventstream (~> 1, >= 1.0.2)
    jmespath (1.4.0)
    minitest (5.14.3)
    msgpack (1.4.2)

PLATFORMS
  ruby

DEPENDENCIES
  aws-sdk-sns (~> 1.38)
  aws-sdk-sts (~> 1.0)
  minitest (~> 5.10)
  msgpack (~> 1.1)

BUNDLED WITH
   2.1.4
