GEM
  remote: https://rubygems.org/
  specs:
    amq-protocol (2.3.2)
    bunny (2.17.0)
      amq-protocol (~> 2.3, >= 2.3.1)
    minitest (5.14.3)
    msgpack (1.4.2)

PLATFORMS
  ruby

DEPENDENCIES
  bunny (~> 2.6)
  minitest (~> 5.10)
  msgpack (~> 1.1)

BUNDLED WITH
   2.1.4
